GEM
  remote: https://rubygems.org/
  specs:
    builder (3.0.0)
    karakuri-bao (0.1.5)
    rack (1.4.1)
    rdiscount (1.6.8)
    toto (0.4.9)
      builder
      rack
      rdiscount

PLATFORMS
  ruby

DEPENDENCIES
  builder
  karakuri-bao
  rdiscount
  toto
